GEM
  remote: https://rubygems.org/
  specs:
    bson (4.10.0)
    bson_ext (1.5.1)
    ffi (1.13.1)
    get_process_mem (0.2.7)
      ffi (~> 1.0)
    json (2.3.1)
    minitest (5.14.2)
    mongo (2.13.0)
      bson (>= 4.8.2, < 5.0.0)
    mustermann (1.1.1)
      ruby2_keywords (~> 0.0.1)
    nio4r (2.5.7)
    populate-me (0.13.0)
      json (~> 2.1)
      sinatra (~> 2)
      web-utils (~> 0)
    puma (4.3.8)
      nio4r (~> 2.0)
    puma_worker_killer (0.3.0)
      get_process_mem (~> 0.2)
      puma (>= 2.7, < 5)
    rack (2.2.3)
    rack-cerberus (1.1.2)
      rack (>= 1.0)
    rack-grid-serve (0.0.11)
      mongo (~> 2.0)
      rack (>= 1.0)
    rack-protection (2.1.0)
      rack
    rack-sassc (0.1.0)
      rack (>= 1.0)
      sassc (~> 2.0)
    rack-ssl-enforcer (0.2.9)
    rack-test (1.1.0)
      rack (>= 1.0, < 3)
    racksh (1.0.0)
      rack (>= 1.0)
      rack-test (>= 0.5)
    redcarpet (3.5.0)
    ruby2_keywords (0.0.2)
    sassc (2.4.0)
      ffi (~> 1.9)
    sinatra (2.1.0)
      mustermann (~> 1.0)
      rack (~> 2.2)
      rack-protection (= 2.1.0)
      tilt (~> 2.0)
    slim (4.1.0)
      temple (>= 0.7.6, < 0.9)
      tilt (>= 2.0.6, < 2.1)
    temple (0.8.2)
    tilt (2.0.10)
    web-utils (0.1.5)
      rack (>= 1.0)

PLATFORMS
  ruby

DEPENDENCIES
  bson_ext!
  minitest (>= 5.6.0)!
  mongo!
  populate-me (~> 0.13)!
  puma!
  puma_worker_killer!
  rack!
  rack-cerberus!
  rack-grid-serve!
  rack-sassc!
  rack-ssl-enforcer!
  rack-test!
  racksh!
  redcarpet!
  sinatra!
  slim!

RUBY VERSION
   ruby 2.6.5p114

BUNDLED WITH
   1.17.2
