GEM
  remote: https://rubygems.org/
  specs:
    bson (4.6.0)
    bson_ext (1.5.1)
    ffi (1.11.2)
    json (2.2.0)
    minitest (5.13.0)
    mongo (2.11.0)
      bson (>= 4.6.0, < 5.0.0)
    mustermann (1.0.3)
    nio4r (2.5.2)
    populate-me (0.9.2)
      json (~> 2.1)
      sinatra (~> 2)
      web-utils (~> 0)
    puma (4.3.0)
      nio4r (~> 2.0)
    rack (2.0.7)
    rack-cerberus (1.1.2)
      rack (>= 1.0)
    rack-grid-serve (0.0.11)
      mongo (~> 2.0)
      rack (>= 1.0)
    rack-protection (2.0.7)
      rack
    rack-sassc (0.1.0)
      rack (>= 1.0)
      sassc (~> 2.0)
    rack-ssl-enforcer (0.2.9)
    rack-test (1.1.0)
      rack (>= 1.0, < 3)
    racksh (1.0.0)
      rack (>= 1.0)
      rack-test (>= 0.5)
    redcarpet (3.5.0)
    sassc (2.2.1)
      ffi (~> 1.9)
    sinatra (2.0.7)
      mustermann (~> 1.0)
      rack (~> 2.0)
      rack-protection (= 2.0.7)
      tilt (~> 2.0)
    slim (4.0.1)
      temple (>= 0.7.6, < 0.9)
      tilt (>= 2.0.6, < 2.1)
    temple (0.8.2)
    tilt (2.0.10)
    web-utils (0.1.5)
      rack (>= 1.0)

PLATFORMS
  ruby

DEPENDENCIES
  bson_ext!
  minitest (>= 5.6.0)!
  mongo!
  populate-me (~> 0.7)!
  puma!
  rack!
  rack-cerberus!
  rack-grid-serve!
  rack-sassc!
  rack-ssl-enforcer!
  rack-test!
  racksh!
  redcarpet!
  sinatra!
  slim!

RUBY VERSION
   ruby 2.4.2p198

BUNDLED WITH
   1.16.1
